{
	"ECGChannelCount": 0,
	"EEGChannelCount": 65,
	"EEGReference": "Fcz",
	"EMGChannelCount": 0,
	"EOGChannelCount": 0,
	"InstitutionAddress": "Paseo de la Cartuja StreetNo,Granada,Granada,ES,18011",
	"InstitutionName": "University of Granada, CIMCYC",
	"InstitutionalDepartmentName": "Department of Experimental Psychology",
	"MiscChannelCount": 0,
	"PowerLineFrequency": 50,
	"RecordingDuration": 7030.16,
	"SamplingFrequency": 500,
	"SoftwareFilters": {
    "FilterDescription": {
      "Description": "N/A"
    }
  },
	"TaskDescription": "Subjects were cued to respond to faces or names depending on the trials. In attention blocks, the blocks indicated the stimulus to select. In expectation blocks, the cues indicated the most probable stimulus.",
	"TaskName": "attexp",
	"TriggerChannelCount": 0
}
